GIT
  remote: git://github.com/7even/vkontakte_api.git
  revision: 9f824554b2210bbd82147dbd3ae4beb6d6f860de
  specs:
    vkontakte_api (1.1)
      faraday (~> 0.8)
      faraday_middleware (~> 0.8)
      faraday_middleware-parse_oj (~> 0.2)
      hashie (~> 2.0)
      oauth2 (~> 0.8)

GEM
  remote: https://rubygems.org/
  specs:
    daemons (1.1.9)
    eventmachine (1.0.3)
    faraday (0.8.7)
      multipart-post (~> 1.1)
    faraday_middleware (0.9.0)
      faraday (>= 0.7.4, < 0.9)
    faraday_middleware-parse_oj (0.2)
      faraday_middleware (~> 0.8)
      oj (~> 1.2)
    haml (4.0.3)
      tilt
    hashie (2.0.5)
    httpauth (0.2.0)
    jwt (0.1.8)
      multi_json (>= 1.5)
    minitest (4.7.4)
    multi_json (1.7.6)
    multipart-post (1.2.0)
    oauth2 (0.8.1)
      faraday (~> 0.8)
      httpauth (~> 0.1)
      jwt (~> 0.1.4)
      multi_json (~> 1.0)
      rack (~> 1.2)
    oj (1.4.7)
    omniauth (1.1.4)
      hashie (>= 1.2, < 3)
      rack
    omniauth-oauth2 (1.1.1)
      oauth2 (~> 0.8.0)
      omniauth (~> 1.0)
    omniauth-vkontakte (1.2.0)
      multi_json
      omniauth (~> 1.1.0)
      omniauth-oauth2 (~> 1.0)
    rack (1.5.2)
    rack-protection (1.5.0)
      rack
    rack-test (0.6.2)
      rack (>= 1.0)
    rake (10.0.4)
    sinatra (1.4.3)
      rack (~> 1.4)
      rack-protection (~> 1.4)
      tilt (~> 1.3, >= 1.3.4)
    sinatra-static-assets (1.0.4)
      sinatra (>= 1.1.0)
    sinatra-twitter-bootstrap (2.3.1.1)
    thin (1.5.1)
      daemons (>= 1.0.9)
      eventmachine (>= 0.12.6)
      rack (>= 1.0.0)
    tilt (1.4.1)

PLATFORMS
  ruby

DEPENDENCIES
  haml
  minitest (~> 4.6)
  omniauth
  omniauth-vkontakte
  rack-test (~> 0.6)
  rake (~> 10.0)
  sinatra (~> 1.3)
  sinatra-static-assets
  sinatra-twitter-bootstrap
  thin
  vkontakte_api!
